PATH
  remote: .
  specs:
    Gabber (0.0.1)

GEM
  remote: https://rubygems.org/
  specs:
    vdf (1.0.4)

PLATFORMS
  x86_64-linux

DEPENDENCIES
  Gabber!
  vdf

BUNDLED WITH
   2.3.7
