GEM
  remote: https://rubygems.org/
  specs:
    vdf (1.0.4)

PLATFORMS
  x86_64-linux

DEPENDENCIES
  vdf

BUNDLED WITH
   2.3.7
